GEM
  remote: https://gems.cloudafrica.net/
  specs:
    docile (1.1.3)
    ffi (1.9.3)
    opengl-bindings (1.3.5)

PLATFORMS
  ruby

DEPENDENCIES
  docile
  ffi
  opengl-bindings
